GEM
  remote: http://rubygems.org/
  specs:
    addressable (2.1.2)
    data_objects (0.10.2)
      addressable (~> 2.1)
    dm-core (1.0.0)
      addressable (~> 2.1)
      extlib (~> 0.9.15)
    dm-do-adapter (1.0.0)
      data_objects (~> 0.10.1)
      dm-core (~> 1.0.0)
    dm-migrations (1.0.0)
      dm-core (~> 1.0.0)
    dm-postgres-adapter (1.0.0)
      dm-do-adapter (~> 1.0.0)
      do_postgres (~> 0.10.2)
    do_postgres (0.10.2)
      data_objects (= 0.10.2)
    extlib (0.9.15)
    rack (1.2.1)
    redis (2.0.5)
    sinatra (1.0)
      rack (>= 1.0)

PLATFORMS
  ruby

DEPENDENCIES
  dm-core
  dm-migrations
  dm-postgres-adapter
  redis
  sinatra
